GEM
  remote: https://rubygems.org/
  specs:
    addressable (2.5.0)
      public_suffix (~> 2.0, >= 2.0.2)
    crack (0.4.3)
      safe_yaml (~> 1.0.0)
    digest-crc (0.4.1)
    docker-api (1.32.0)
      excon (>= 0.38.0)
      json
    excon (0.54.0)
    faraday (0.10.0)
      multipart-post (>= 1.2, < 3)
    ffi (1.9.14)
    google-api-client (0.9.20)
      addressable (~> 2.3)
      googleauth (~> 0.5)
      httpclient (~> 2.7)
      hurley (~> 0.1)
      memoist (~> 0.11)
      mime-types (>= 1.6)
      representable (~> 2.3.0)
      retriable (~> 2.0)
    google-cloud (0.20.0)
      google-cloud-bigquery (~> 0.20.0)
      google-cloud-datastore (~> 0.20.0)
      google-cloud-dns (~> 0.20.0)
      google-cloud-language (~> 0.20.0)
      google-cloud-logging (~> 0.20.0)
      google-cloud-pubsub (~> 0.20.0)
      google-cloud-resource_manager (~> 0.20.0)
      google-cloud-storage (~> 0.20.0)
      google-cloud-translate (~> 0.20.0)
      google-cloud-vision (~> 0.20.0)
    google-cloud-bigquery (0.20.2)
      google-api-client (~> 0.9.11)
      google-cloud-core (~> 0.20.0)
    google-cloud-core (0.20.1)
    google-cloud-datastore (0.20.1)
      google-cloud-core (~> 0.20.0)
      google-protobuf (~> 3.0)
      googleapis-common-protos (~> 1.2)
      grpc (~> 1.0)
    google-cloud-dns (0.20.1)
      google-api-client (~> 0.9.11)
      google-cloud-core (~> 0.20.0)
      zonefile (~> 1.04)
    google-cloud-language (0.20.2)
      google-cloud-core (~> 0.20.0)
      google-gax (~> 0.4.4)
      google-protobuf (~> 3.0)
      googleapis-common-protos (~> 1.2)
      grpc (~> 1.0)
    google-cloud-logging (0.20.1)
      google-cloud-core (~> 0.20.0)
      google-gax (~> 0.4.4)
      google-protobuf (~> 3.0)
      googleapis-common-protos (~> 1.2)
      grpc (~> 1.0)
    google-cloud-pubsub (0.20.1)
      google-cloud-core (~> 0.20.0)
      google-gax (~> 0.4.4)
      google-protobuf (~> 3.0)
      googleapis-common-protos (~> 1.2)
      grpc (~> 1.0)
    google-cloud-resource_manager (0.20.1)
      google-api-client (~> 0.9.11)
      google-cloud-core (~> 0.20.0)
    google-cloud-storage (0.20.2)
      digest-crc (~> 0.4)
      google-api-client (~> 0.9.11)
      google-cloud-core (~> 0.20.0)
    google-cloud-translate (0.20.1)
      google-api-client (~> 0.9.11)
      google-cloud-core (~> 0.20.0)
    google-cloud-vision (0.20.2)
      google-api-client (~> 0.9.11)
      google-cloud-core (~> 0.20.0)
    google-gax (0.4.4)
      googleauth (~> 0.5.1)
      grpc (~> 1.0)
      rly (~> 0.2.3)
    google-protobuf (3.0.2)
    googleapis-common-protos (1.3.4)
      google-protobuf (~> 3.0)
      grpc (~> 1.0)
    googleauth (0.5.1)
      faraday (~> 0.9)
      jwt (~> 1.4)
      logging (~> 2.0)
      memoist (~> 0.12)
      multi_json (~> 1.11)
      os (~> 0.9)
      signet (~> 0.7)
    grpc (1.0.1)
      google-protobuf (~> 3.0.2)
      googleauth (~> 0.5.1)
    hashdiff (0.3.0)
    httpclient (2.8.2.4)
    hurley (0.2)
    json (2.0.2)
    jwt (1.5.6)
    little-plugger (1.1.4)
    logging (2.1.0)
      little-plugger (~> 1.1)
      multi_json (~> 1.10)
    memoist (0.15.0)
    mime-types (3.1)
      mime-types-data (~> 3.2015)
    mime-types-data (3.2016.0521)
    multi_json (1.12.1)
    multipart-post (2.0.0)
    os (0.9.6)
    power_assert (0.2.6)
    public_suffix (2.0.4)
    rake (10.4.2)
    representable (2.3.0)
      uber (~> 0.0.7)
    retriable (2.1.0)
    rly (0.2.3)
    safe_yaml (1.0.4)
    signet (0.7.3)
      addressable (~> 2.3)
      faraday (~> 0.9)
      jwt (~> 1.5)
      multi_json (~> 1.10)
    sshkey (1.8.0)
    sys-filesystem (1.1.7)
      ffi
    test-unit (3.1.5)
      power_assert
    uber (0.0.15)
    webmock (2.1.0)
      addressable (>= 2.3.6)
      crack (>= 0.3.2)
      hashdiff
    zonefile (1.04)

PLATFORMS
  ruby

DEPENDENCIES
  docker-api (= 1.32.0)
  google-cloud (= 0.20.0)
  rake
  sshkey (= 1.8.0)
  sys-filesystem (= 1.1.7)
  test-unit
  webmock

BUNDLED WITH
   1.13.6
